GEM
  remote: https://rubygems.org/
  specs:
    minitest (5.10.1)
    minitest-emoji (2.0.0)

PLATFORMS
  ruby

DEPENDENCIES
  minitest
  minitest-emoji

BUNDLED WITH
   1.13.6
